PATH
  remote: .
  specs:
    encrypt (0.1.0)
      clipboard
      zeitwerk

GEM
  remote: https://rubygems.org/
  specs:
    byebug (11.1.3)
    clipboard (1.3.5)
    coderay (1.1.2)
    diff-lcs (1.3)
    method_source (1.0.0)
    pry (0.13.1)
      coderay (~> 1.1)
      method_source (~> 1.0)
    pry-byebug (3.9.0)
      byebug (~> 11.0)
      pry (~> 0.13.0)
    rake (13.0.1)
    rspec (3.9.0)
      rspec-core (~> 3.9.0)
      rspec-expectations (~> 3.9.0)
      rspec-mocks (~> 3.9.0)
    rspec-core (3.9.2)
      rspec-support (~> 3.9.3)
    rspec-expectations (3.9.2)
      diff-lcs (>= 1.2.0, < 2.0)
      rspec-support (~> 3.9.0)
    rspec-mocks (3.9.1)
      diff-lcs (>= 1.2.0, < 2.0)
      rspec-support (~> 3.9.0)
    rspec-support (3.9.3)
    zeitwerk (2.4.1)

PLATFORMS
  ruby

DEPENDENCIES
  encrypt!
  pry-byebug
  rake (~> 13.0)
  rspec (~> 3.0)

BUNDLED WITH
   2.1.4
